{
    "Manufacturer": "Bruker BioSpin MRI GmbH",
    "ManufacturersModelName": "BioSpec 94/20",
    "DeviceSerialNumber": 10230731,
    "StationName": "BioSpec 94/20",
    "SoftwareVersion": "6.0.1",
    "MagneticFieldStrength": 9.402867525896092,
    "ReceiveCoilName": "Value was not specified",
    "ReceiveCoilActiveElements": "Value was not specified",
    "GradientSetType": "Value was not specified",
    "MRTransmitCoilSequence": {
        "Name": null,
        "Manufacture": null,
        "Type": null
    },
    "CoilConfigName": "Value was not specified",
    "MatrixCoilMode": "ParallelExperiment",
    "CoilCombinationMethod": "Value was not specified",
    "PulseSequenceType": "DtiEpi.ppg",
    "ScanningSequence": "Bruker:DtiEpi",
    "SequenceVariant": "Both",
    "ScanOptions": {
        "RG": "No",
        "CG": "No",
        "PFF": 1,
        "PFP": 1.4,
        "FC": "FlowNone",
        "SP": "On",
        "FP": "FatSuppression"
    },
    "SequenceName": "DTI_EPI_b0_REPE_singleshot",
    "PulseSequenceDetails": "DTI_EPI_b0_REPE_singleshot (E8)",
    "NonlinearGradientCorrection": "RectilinearTraversal",
    "NumberShots": 1,
    "ParallelReductionFactorInPlane": 1,
    "ParallelAcquisitionTechnique": "Value was not specified",
    "PartialFourier": [
        1,
        1.4
    ],
    "PartialFourierDirection": "Value was not specified",
    "PhaseEncodingDirection": "j",
    "EffectiveEchoSpacing": 5.304504504504508e-06,
    "TotalReadoutTime": 0.0001962666666666668,
    "EchoTime": 0.0245,
    "InversionTime": "Value was not specified",
    "SliceTiming": [
        0.0,
        0.04017857142857143,
        0.08035714285714286,
        0.1205357142857143,
        0.16071428571428573,
        0.20089285714285715,
        0.2410714285714286,
        0.28125,
        0.32142857142857145,
        0.3616071428571429,
        0.4017857142857143,
        0.44196428571428575,
        0.4821428571428572,
        0.5223214285714286,
        0.5625,
        0.6026785714285715,
        0.6428571428571429,
        0.6830357142857143,
        0.7232142857142858,
        0.7633928571428572,
        0.8035714285714286,
        0.8437500000000001,
        0.8839285714285715,
        0.9241071428571429,
        0.9642857142857144,
        1.0044642857142858,
        1.0446428571428572,
        1.0848214285714286,
        1.125,
        1.1651785714285716,
        1.205357142857143,
        1.2455357142857144,
        0.020089285714285716,
        0.06026785714285715,
        0.10044642857142858,
        0.140625,
        0.18080357142857145,
        0.22098214285714288,
        0.2611607142857143,
        0.30133928571428575,
        0.34151785714285715,
        0.3816964285714286,
        0.42187500000000006,
        0.46205357142857145,
        0.5022321428571429,
        0.5424107142857143,
        0.5825892857142858,
        0.6227678571428572,
        0.6629464285714286,
        0.703125,
        0.7433035714285715,
        0.7834821428571429,
        0.8236607142857143,
        0.8638392857142858,
        0.9040178571428572,
        0.9441964285714286,
        0.9843750000000001,
        1.0245535714285714,
        1.064732142857143,
        1.1049107142857144,
        1.1450892857142858,
        1.1852678571428572,
        1.2254464285714286,
        1.265625
    ],
    "SliceEncodingDirection": "k",
    "DwellTime": 0.0001962666666666668,
    "FlipAngle": 90,
    "MultibandAccerlationFactor": "Value was not specified",
    "AnatomicalLandmarkCoordinates": "Value was not specified",
    "InstitutionName": "Kings College London",
    "InstitutionAddress": "Value was not specified",
    "InstitutionalDepartmentName": "Value was not specified",
    "RepetitionTime": 9.0,
    "VolumeTiming": [
        0.0
    ],
    "TaskName": "Value was not specified",
    "NumberOfVolumesDiscardedByScanner": 0,
    "NumberOfVolumesDiscardedByUser": "Value was not specified",
    "DelayTime": "Value was not specified",
    "AcquisitionDuration": "Value was not specified",
    "DelayAfterTrigger": "Value was not specified",
    "Instructions": "Value was not specified",
    "TaskDescription": "Value was not specified",
    "CogAtlasID": "Value was not specified",
    "CogPOID": "Value was not specified"
}