{
    "Manufacturer": "Bruker BioSpin MRI GmbH",
    "ManufacturersModelName": "BioSpec 94/20",
    "DeviceSerialNumber": 10230731,
    "StationName": "BioSpec 94/20",
    "SoftwareVersion": "6.0.1",
    "MagneticFieldStrength": 9.402872984716131,
    "ReceiveCoilName": "Value was not specified",
    "ReceiveCoilActiveElements": "Value was not specified",
    "GradientSetType": "Value was not specified",
    "MRTransmitCoilSequence": {
        "Name": null,
        "Manufacture": null,
        "Type": null
    },
    "CoilConfigName": "Value was not specified",
    "MatrixCoilMode": "ParallelExperiment",
    "CoilCombinationMethod": "Value was not specified",
    "PulseSequenceType": "DtiEpi.ppg",
    "ScanningSequence": "Bruker:DtiEpi",
    "SequenceVariant": "Both",
    "ScanOptions": {
        "RG": "No",
        "CG": "No",
        "PFF": 1,
        "PFP": 1.4,
        "FC": "FlowNone",
        "SP": "On",
        "FP": "FatSuppression"
    },
    "SequenceName": "DTI_EPI_60dir_b500_1500_WholeSphere_singleshot",
    "PulseSequenceDetails": "DTI_EPI_60dir_b500_1500_WholeSphere_singleshot (E9)",
    "NonlinearGradientCorrection": "RectilinearTraversal",
    "NumberShots": 1,
    "ParallelReductionFactorInPlane": 1,
    "ParallelAcquisitionTechnique": "Value was not specified",
    "PartialFourier": [
        1,
        1.4
    ],
    "PartialFourierDirection": "Value was not specified",
    "PhaseEncodingDirection": "j",
    "EffectiveEchoSpacing": 5.304504504504508e-06,
    "TotalReadoutTime": 0.0001962666666666668,
    "EchoTime": 0.0245,
    "InversionTime": "Value was not specified",
    "SliceTiming": [
        0.0,
        0.002232142857142857,
        0.004464285714285714,
        0.006696428571428571,
        0.008928571428571428,
        0.011160714285714284,
        0.013392857142857142,
        0.015625,
        0.017857142857142856,
        0.020089285714285712,
        0.02232142857142857,
        0.024553571428571428,
        0.026785714285714284,
        0.02901785714285714,
        0.03125,
        0.033482142857142856,
        0.03571428571428571,
        0.03794642857142857,
        0.040178571428571425,
        0.04241071428571428,
        0.04464285714285714,
        0.046875,
        0.049107142857142856,
        0.05133928571428571,
        0.05357142857142857,
        0.055803571428571425,
        0.05803571428571428,
        0.06026785714285714,
        0.0625,
        0.06473214285714285,
        0.06696428571428571,
        0.06919642857142856,
        0.0011160714285714285,
        0.0033482142857142855,
        0.005580357142857142,
        0.0078125,
        0.010044642857142856,
        0.012276785714285714,
        0.01450892857142857,
        0.016741071428571428,
        0.018973214285714284,
        0.02120535714285714,
        0.0234375,
        0.025669642857142856,
        0.027901785714285712,
        0.03013392857142857,
        0.032366071428571425,
        0.03459821428571428,
        0.036830357142857144,
        0.0390625,
        0.041294642857142856,
        0.04352678571428571,
        0.04575892857142857,
        0.047991071428571425,
        0.05022321428571428,
        0.05245535714285714,
        0.0546875,
        0.056919642857142856,
        0.05915178571428571,
        0.06138392857142857,
        0.06361607142857142,
        0.06584821428571429,
        0.06808035714285714,
        0.0703125
    ],
    "SliceEncodingDirection": "k",
    "DwellTime": 0.0001962666666666668,
    "FlipAngle": 90,
    "MultibandAccerlationFactor": "Value was not specified",
    "AnatomicalLandmarkCoordinates": "Value was not specified",
    "InstitutionName": "Kings College London",
    "InstitutionAddress": "Value was not specified",
    "InstitutionalDepartmentName": "Value was not specified"
}