{
    "Manufacturer": "Bruker BioSpin MRI GmbH",
    "ManufacturersModelName": "BioSpec 94/20",
    "DeviceSerialNumber": 10230731,
    "StationName": "BioSpec 94/20",
    "SoftwareVersion": "6.0.1",
    "MagneticFieldStrength": 9.402865596427072,
    "ReceiveCoilName": "Value was not specified",
    "ReceiveCoilActiveElements": "Value was not specified",
    "GradientSetType": "Value was not specified",
    "MRTransmitCoilSequence": {
        "Name": null,
        "Manufacture": null,
        "Type": null
    },
    "CoilConfigName": "Value was not specified",
    "MatrixCoilMode": "ParallelExperiment",
    "CoilCombinationMethod": "Value was not specified",
    "PulseSequenceType": "DtiEpi.ppg",
    "ScanningSequence": "Bruker:DtiEpi",
    "SequenceVariant": "Both",
    "ScanOptions": {
        "RG": "No",
        "CG": "No",
        "PFF": 1,
        "PFP": 1.4,
        "FC": "FlowNone",
        "SP": "On",
        "FP": "FatSuppression"
    },
    "SequenceName": "DTI_EPI_60dir_b1000_WholeSphere_singleshot",
    "PulseSequenceDetails": "DTI_EPI_60dir_b1000_WholeSphere_singleshot (E7)",
    "NonlinearGradientCorrection": "RectilinearTraversal",
    "NumberShots": 1,
    "ParallelReductionFactorInPlane": 1,
    "ParallelAcquisitionTechnique": "Value was not specified",
    "PartialFourier": [
        1,
        1.4
    ],
    "PartialFourierDirection": "Value was not specified",
    "PhaseEncodingDirection": "j",
    "EffectiveEchoSpacing": 5.304504504504508e-06,
    "TotalReadoutTime": 0.0001962666666666668,
    "EchoTime": 0.0245,
    "InversionTime": "Value was not specified",
    "SliceTiming": [
        0.0,
        0.004261363636363636,
        0.008522727272727272,
        0.012784090909090908,
        0.017045454545454544,
        0.02130681818181818,
        0.025568181818181816,
        0.029829545454545452,
        0.03409090909090909,
        0.03835227272727272,
        0.04261363636363636,
        0.046875,
        0.05113636363636363,
        0.055397727272727265,
        0.059659090909090905,
        0.06392045454545454,
        0.06818181818181818,
        0.07244318181818181,
        0.07670454545454544,
        0.08096590909090909,
        0.08522727272727272,
        0.08948863636363635,
        0.09375,
        0.09801136363636363,
        0.10227272727272727,
        0.1065340909090909,
        0.11079545454545453,
        0.11505681818181818,
        0.11931818181818181,
        0.12357954545454544,
        0.1278409090909091,
        0.1321022727272727,
        0.002130681818181818,
        0.006392045454545454,
        0.01065340909090909,
        0.014914772727272726,
        0.01917613636363636,
        0.0234375,
        0.027698863636363633,
        0.03196022727272727,
        0.036221590909090905,
        0.040482954545454544,
        0.04474431818181818,
        0.049005681818181816,
        0.05326704545454545,
        0.05752840909090909,
        0.06178977272727272,
        0.06605113636363635,
        0.0703125,
        0.07457386363636363,
        0.07883522727272727,
        0.0830965909090909,
        0.08735795454545454,
        0.09161931818181818,
        0.09588068181818181,
        0.10014204545454544,
        0.10440340909090909,
        0.10866477272727272,
        0.11292613636363635,
        0.11718749999999999,
        0.12144886363636363,
        0.12571022727272727,
        0.1299715909090909,
        0.13423295454545453
    ],
    "SliceEncodingDirection": "k",
    "DwellTime": 0.0001962666666666668,
    "FlipAngle": 90,
    "MultibandAccerlationFactor": "Value was not specified",
    "AnatomicalLandmarkCoordinates": "Value was not specified",
    "InstitutionName": "Kings College London",
    "InstitutionAddress": "Value was not specified",
    "InstitutionalDepartmentName": "Value was not specified"
}