{
    "Manufacturer": "Bruker BioSpin MRI GmbH",
    "ManufacturersModelName": "BioSpec 94/20",
    "DeviceSerialNumber": 10230731,
    "StationName": "BioSpec 94/20",
    "SoftwareVersion": "6.0.1",
    "MagneticFieldStrength": 9.402870272694944,
    "ReceiveCoilName": "Value was not specified",
    "ReceiveCoilActiveElements": "Value was not specified",
    "GradientSetType": "Value was not specified",
    "MRTransmitCoilSequence": {
        "Name": null,
        "Manufacture": null,
        "Type": null
    },
    "CoilConfigName": "Value was not specified",
    "MatrixCoilMode": "ParallelExperiment",
    "CoilCombinationMethod": "Value was not specified",
    "PulseSequenceType": "RARE.ppg",
    "ScanningSequence": "Bruker:RARE",
    "SequenceVariant": "Both",
    "ScanOptions": {
        "RG": "No",
        "CG": "No",
        "PFF": 1.4,
        "PFP": 1,
        "FC": "FlowNone",
        "SP": "On",
        "FP": "FatSuppression"
    },
    "SequenceName": "T2w_3D_structural_reference",
    "PulseSequenceDetails": "T2w_3D_structural_reference (E5)",
    "NonlinearGradientCorrection": "RectilinearTraversal",
    "NumberShots": 1,
    "ParallelReductionFactorInPlane": 12,
    "ParallelAcquisitionTechnique": "Value was not specified",
    "PartialFourier": [
        1.4,
        1,
        1
    ],
    "PartialFourierDirection": "Value was not specified",
    "PhaseEncodingDirection": "i",
    "EffectiveEchoSpacing": 8.44444444444444e-07,
    "TotalReadoutTime": 0.00016213333333333325,
    "EchoTime": 0.032,
    "InversionTime": "Value was not specified",
    "SliceTiming": 0.0,
    "SliceEncodingDirection": "k",
    "DwellTime": 0.001945599999999999,
    "FlipAngle": 90,
    "MultibandAccerlationFactor": "Value was not specified",
    "AnatomicalLandmarkCoordinates": "Value was not specified",
    "InstitutionName": "Kings College London",
    "InstitutionAddress": "Value was not specified",
    "InstitutionalDepartmentName": "Value was not specified"
}